GEM
  remote: https://rubygems.org/
  specs:
    crack (0.1.8)
    daemon_controller (1.2.0)
    httparty (0.7.8)
      crack (= 0.1.8)
    httparty-icebox (0.0.3)
      httparty (~> 0.7.4)
    passenger (4.0.41)
      daemon_controller (>= 1.2.0)
      rack
      rake (>= 0.8.1)
    rack (1.6.12)
    rack-protection (1.2.0)
      rack
    rake (10.2.2)
    sinatra (1.3.1)
      rack (~> 1.3, >= 1.3.4)
      rack-protection (~> 1.1, >= 1.1.2)
      tilt (~> 1.3, >= 1.3.3)
    tilt (1.3.3)

PLATFORMS
  ruby

DEPENDENCIES
  httparty (~> 0.7.4)
  httparty-icebox
  passenger
  sinatra
