GEM
  remote: https://rubygems.org/
  specs:
    crack (0.1.8)
    daemon_controller (1.2.0)
    httparty (0.7.8)
      crack (= 0.1.8)
    httparty-icebox (0.0.3)
      httparty (~> 0.7.4)
    mustermann (2.0.2)
      ruby2_keywords (~> 0.0.1)
    passenger (4.0.41)
      daemon_controller (>= 1.2.0)
      rack
      rake (>= 0.8.1)
    rack (2.2.4)
    rack-protection (2.2.3)
      rack
    rake (10.2.2)
    ruby2_keywords (0.0.5)
    sinatra (2.2.3)
      mustermann (~> 2.0)
      rack (~> 2.2)
      rack-protection (= 2.2.3)
      tilt (~> 2.0)
    tilt (2.0.11)

PLATFORMS
  ruby

DEPENDENCIES
  httparty (~> 0.7.4)
  httparty-icebox
  passenger
  sinatra
